GEM
  remote: https://rubygems.org/
  specs:
    activemodel (4.2.1)
      activesupport (= 4.2.1)
      builder (~> 3.1)
    activesupport (4.2.1)
      i18n (~> 0.7)
      json (~> 1.7, >= 1.7.7)
      minitest (~> 5.1)
      thread_safe (~> 0.3, >= 0.3.4)
      tzinfo (~> 1.1)
    awesome_print (1.6.1)
    builder (3.2.2)
    coderay (1.1.0)
    faraday (0.8.9)
      multipart-post (~> 1.2.0)
    i18n (0.7.0)
    json (1.8.2)
    method_source (0.8.2)
    minitest (5.7.0)
    multi_json (1.11.0)
    multipart-post (1.2.0)
    podio (1.0.0)
      activemodel (>= 3.0)
      activesupport (>= 3.0)
      faraday (~> 0.8.0)
      multi_json
    pry (0.10.1)
      coderay (~> 1.1.0)
      method_source (~> 0.8.1)
      slop (~> 3.4)
    slop (3.6.0)
    thread_safe (0.3.5)
    tzinfo (1.2.2)
      thread_safe (~> 0.1)

PLATFORMS
  ruby

DEPENDENCIES
  activesupport
  awesome_print
  podio
  pry

BUNDLED WITH
   1.10.1
